GEM
  remote: https://rubygems.org/
  specs:
    dotenv (0.9.0)
    hipchat (0.12.0)
      httparty
    httparty (0.11.0)
      multi_json (~> 1.0)
      multi_xml (>= 0.5.2)
    multi_json (1.8.2)
    multi_xml (0.5.5)
    nokogiri (1.5.11)
    systemu (2.6.0)

PLATFORMS
  ruby

DEPENDENCIES
  dotenv
  hipchat
  nokogiri
  systemu
